GIT
  remote: git://github.com/NREL/simplecov.git
  revision: 98c33ffcb40fe867857a44b4d1a308f015b32e27
  ref: 98c33ffcb40fe867857a44b4d1a308f015b32e27
  specs:
    simplecov (0.16.1)
      docile (~> 1.1)
      simplecov-html (~> 0.10.0)

GEM
  remote: https://rubygems.org/
  specs:
    ansi (1.5.0)
    ast (2.4.0)
    builder (3.2.3)
    docile (1.3.2)
    git (1.3.0)
    json_pure (2.2.0)
    minitest (5.4.3)
    minitest-reporters (1.2.0)
      ansi
      builder
      minitest (>= 5.0)
      ruby-progressbar
    openstudio-extension (0.1.2)
      bundler (~> 1.9)
      json_pure
      openstudio-workflow
      openstudio_measure_tester (~> 0.1.7)
      parallel (~> 1.12.0)
    openstudio-standards (0.2.10)
    openstudio-workflow (1.3.4)
    openstudio_measure_tester (0.1.7)
      git (= 1.3.0)
      minitest (= 5.4.3)
      minitest-reporters (= 1.2.0)
      rake (= 12.3.1)
      rubocop (= 0.54.0)
      rubocop-checkstyle_formatter (= 0.4)
      simplecov (= 0.16.1)
    parallel (1.12.1)
    parser (2.6.5.0)
      ast (~> 2.4.0)
    powerpack (0.1.2)
    rainbow (3.0.0)
    rake (12.3.1)
    rubocop (0.54.0)
      parallel (~> 1.10)
      parser (>= 2.5)
      powerpack (~> 0.1)
      rainbow (>= 2.2.2, < 4.0)
      ruby-progressbar (~> 1.7)
      unicode-display_width (~> 1.0, >= 1.0.1)
    rubocop-checkstyle_formatter (0.4.0)
      rubocop (>= 0.35.1)
    ruby-progressbar (1.10.1)
    simplecov-html (0.10.2)
    unicode-display_width (1.6.0)

PLATFORMS
  ruby
  x64-mingw32

DEPENDENCIES
  openstudio-extension (= 0.1.2)
  openstudio-standards (= 0.2.10)
  openstudio-workflow (= 1.3.4)
  openstudio_measure_tester (= 0.1.7)
  simplecov!

BUNDLED WITH
   1.16.5
